GEM
  remote: http://qalin.corp.convio.com:8808/
  remote: http://gemcutter.org/
  specs:
    diff-lcs (1.1.3)
    mime-types (1.17.2)
    nokogiri (1.5.0-x86-mingw32)
    rake (0.8.7)
    rest-client (1.6.7)
      mime-types (>= 1.16)
    rspec (2.7.0)
      rspec-core (~> 2.7.0)
      rspec-expectations (~> 2.7.0)
      rspec-mocks (~> 2.7.0)
    rspec-core (2.7.1)
    rspec-expectations (2.7.0)
      diff-lcs (~> 1.1.2)
    rspec-mocks (2.7.0)

PLATFORMS
  x86-mingw32

DEPENDENCIES
  nokogiri
  rake (= 0.8.7)
  rest-client
  rspec (~> 2)
